GEM
  remote: http://rubygems.org/
  specs:
    activesupport (3.2.9)
      i18n (~> 0.6)
      multi_json (~> 1.0)
    daemons (1.1.9)
    eventmachine (1.0.0)
    i18n (0.6.1)
    multi_json (1.4.0)
    polyglot (0.3.3)
    rack (1.4.1)
    ri_cal (0.8.8)
    sinatra (1.1.0)
      rack (~> 1.1)
      tilt (~> 1.1)
    thin (1.5.0)
      daemons (>= 1.0.9)
      eventmachine (>= 0.12.6)
      rack (>= 1.0.0)
    tilt (1.3.3)
    treetop (1.4.12)
      polyglot
      polyglot (>= 0.3.1)

PLATFORMS
  ruby

DEPENDENCIES
  activesupport
  ri_cal
  sinatra (= 1.1.0)
  thin
  treetop
